GEM
  remote: https://rubygems.org/
  specs:
    tk (0.4.0)

PLATFORMS
  x64-mingw32

DEPENDENCIES
  tk

BUNDLED WITH
   2.2.15
